GEM
  remote: https://rubygems.org/
  specs:
    colored (1.2)
    listen (0.5.3)
    plist (3.1.0)
    rb-fsevent (0.9.2)

PLATFORMS
  ruby

DEPENDENCIES
  colored
  listen
  plist
  rb-fsevent (~> 0.9.1)
